GIT
  remote: https://github.com/nla/bento_search.git
  revision: feb4767ba9ba8cf20cc19bd0461618c101b3bf14
  branch: master
  specs:
    bento_search (2.0.0.rc1)
      confstruct (~> 1.0)
      htmlentities
      httpclient (>= 2.2.5, < 3.0.0)
      language_list (~> 1.0)
      multi_json (>= 1.0.4, < 2.0)
      nokogiri
      openurl (>= 0.3.1, < 1.1)
      rails (>= 5.2, <= 9.0)
      rails-controller-testing
      summon

GIT
  remote: https://github.com/nla/nla-blacklight_common
  revision: e51f7ff0cda76b60d6132c9a72f7c21211784d57
  branch: main
  specs:
    nla-blacklight_common (0.3.1)
      activerecord-session_store (~> 2.0)
      annotaterb
      blacklight (>= 8.0.0, < 9)
      brakeman
      bundler-audit
      connection_pool
      devise
      omniauth-keycloak (~> 1.4)
      omniauth-rails_csrf_protection (~> 1.0)
      rails (>= 7.2, < 8.1)
      rsolr (>= 1.0, < 3)
      zk (~> 1.10)

GEM
  remote: https://rubygems.org/
  specs:
    actioncable (8.0.2.1)
      actionpack (= 8.0.2.1)
      activesupport (= 8.0.2.1)
      nio4r (~> 2.0)
      websocket-driver (>= 0.6.1)
      zeitwerk (~> 2.6)
    actionmailbox (8.0.2.1)
      actionpack (= 8.0.2.1)
      activejob (= 8.0.2.1)
      activerecord (= 8.0.2.1)
      activestorage (= 8.0.2.1)
      activesupport (= 8.0.2.1)
      mail (>= 2.8.0)
    actionmailer (8.0.2.1)
      actionpack (= 8.0.2.1)
      actionview (= 8.0.2.1)
      activejob (= 8.0.2.1)
      activesupport (= 8.0.2.1)
      mail (>= 2.8.0)
      rails-dom-testing (~> 2.2)
    actionpack (8.0.2.1)
      actionview (= 8.0.2.1)
      activesupport (= 8.0.2.1)
      nokogiri (>= 1.8.5)
      rack (>= 2.2.4)
      rack-session (>= 1.0.1)
      rack-test (>= 0.6.3)
      rails-dom-testing (~> 2.2)
      rails-html-sanitizer (~> 1.6)
      useragent (~> 0.16)
    actiontext (8.0.2.1)
      actionpack (= 8.0.2.1)
      activerecord (= 8.0.2.1)
      activestorage (= 8.0.2.1)
      activesupport (= 8.0.2.1)
      globalid (>= 0.6.0)
      nokogiri (>= 1.8.5)
    actionview (8.0.2.1)
      activesupport (= 8.0.2.1)
      builder (~> 3.1)
      erubi (~> 1.11)
      rails-dom-testing (~> 2.2)
      rails-html-sanitizer (~> 1.6)
    activejob (8.0.2.1)
      activesupport (= 8.0.2.1)
      globalid (>= 0.3.6)
    activemodel (8.0.2.1)
      activesupport (= 8.0.2.1)
    activerecord (8.0.2.1)
      activemodel (= 8.0.2.1)
      activesupport (= 8.0.2.1)
      timeout (>= 0.4.0)
    activerecord-session_store (2.2.0)
      actionpack (>= 7.0)
      activerecord (>= 7.0)
      cgi (>= 0.3.6)
      rack (>= 2.0.8, < 4)
      railties (>= 7.0)
    activestorage (8.0.2.1)
      actionpack (= 8.0.2.1)
      activejob (= 8.0.2.1)
      activerecord (= 8.0.2.1)
      activesupport (= 8.0.2.1)
      marcel (~> 1.0)
    activesupport (8.0.2.1)
      base64
      benchmark (>= 0.3)
      bigdecimal
      concurrent-ruby (~> 1.0, >= 1.3.1)
      connection_pool (>= 2.2.5)
      drb
      i18n (>= 1.6, < 2)
      logger (>= 1.4.2)
      minitest (>= 5.1)
      securerandom (>= 0.3)
      tzinfo (~> 2.0, >= 2.0.5)
      uri (>= 0.13.1)
    addressable (2.8.7)
      public_suffix (>= 2.0.2, < 7.0)
    aes_key_wrap (1.1.0)
    annotaterb (4.17.0)
      activerecord (>= 6.0.0)
      activesupport (>= 6.0.0)
    anyway_config (2.7.2)
      ruby-next-core (~> 1.0)
    ast (2.4.3)
    awesome_print (1.9.2)
    base64 (0.3.0)
    bcrypt (3.1.20)
    benchmark (0.4.1)
    benchmark-ips (2.14.0)
    better_errors (2.10.1)
      erubi (>= 1.0.0)
      rack (>= 0.9.0)
      rouge (>= 1.0.0)
    bibtex-ruby (6.1.0)
      latex-decode (~> 0.0)
      racc (~> 1.7)
    bigdecimal (3.2.2)
    bindata (2.5.1)
    bindex (0.8.1)
    binding_of_caller (1.0.1)
      debug_inspector (>= 1.2.0)
    blacklight (8.12.2)
      globalid
      i18n (>= 1.7.0)
      jbuilder (~> 2.7)
      kaminari (>= 0.15)
      ostruct (>= 0.3.2)
      rails (>= 6.1, < 9)
      view_component (>= 2.74, < 5)
      zeitwerk
    blacklight-marc (8.2.0)
      blacklight (>= 7.11, < 9)
      library_stdnums
      marc (>= 0.4.3, < 2.0)
      marc-fastxmlwriter
      rails
      traject (~> 3.0)
    blacklight_advanced_search (8.0.0.alpha2)
      blacklight (>= 7.15, < 9)
      parslet
    blacklight_range_limit (9.1.0)
      blacklight (>= 7.25.2, < 9)
      view_component (>= 2.54, < 5)
    bootsnap (1.18.6)
      msgpack (~> 1.2)
    brakeman (7.1.0)
      racc
    builder (3.3.0)
    bundler-audit (0.9.2)
      bundler (>= 1.2.0, < 3)
      thor (~> 1.0)
    capybara (3.40.0)
      addressable
      matrix
      mini_mime (>= 0.1.3)
      nokogiri (~> 1.11)
      rack (>= 1.6.0)
      rack-test (>= 0.6.3)
      regexp_parser (>= 1.5, < 3.0)
      xpath (~> 3.2)
    cgi (0.5.0)
    citeproc (1.1.0)
      date
      forwardable
      json
      namae (~> 1.0)
      observer (< 1.0)
      open-uri (< 1.0)
    citeproc-ruby (2.1.2)
      citeproc (~> 1.0, >= 1.0.9)
      csl (~> 2.0)
      observer (< 1.0)
    concurrent-ruby (1.3.5)
    confstruct (1.1.0)
      hashie (>= 3.3, < 5)
    connection_pool (2.5.3)
    crack (1.0.0)
      bigdecimal
      rexml
    crass (1.0.6)
    csl (2.1.0)
      forwardable (~> 1.3)
      namae (~> 1.2)
      open-uri (< 1.0)
      rexml (~> 3.0)
      set (~> 1.1)
      singleton (< 1.0)
      time (< 1.0)
    csl-styles (2.0.1)
      csl (~> 2.0)
    cssbundling-rails (1.4.3)
      railties (>= 6.0.0)
    csv (3.3.5)
    cuprite (0.17)
      capybara (~> 3.0)
      ferrum (~> 0.17.0)
    date (3.4.1)
    debug (1.11.0)
      irb (~> 1.10)
      reline (>= 0.3.8)
    debug_inspector (1.2.0)
    derailed_benchmarks (2.2.1)
      base64
      benchmark-ips (~> 2)
      bigdecimal
      drb
      get_process_mem
      heapy (~> 0)
      logger
      memory_profiler (>= 0, < 2)
      mini_histogram (>= 0.3.0)
      mutex_m
      ostruct
      rack (>= 1)
      rack-test
      rake (> 10, < 14)
      ruby-statistics (>= 4.0.1)
      ruby2_keywords
      thor (>= 0.19, < 2)
    devise (4.9.4)
      bcrypt (~> 3.0)
      orm_adapter (~> 0.1)
      railties (>= 4.1.0)
      responders
      warden (~> 1.2.3)
    diff-lcs (1.6.2)
    docile (1.4.1)
    domain_name (0.6.20240107)
    dot-properties (0.1.4)
      bundler (>= 2.2.33)
    dotenv (3.1.8)
    drb (2.2.3)
    dry-initializer (3.2.0)
    ebsco-eds (1.1.7)
      activesupport (>= 5.2)
      bibtex-ruby (>= 5.1.0, < 7.0)
      citeproc-ruby (>= 1.0.2, < 3)
      csl-styles (>= 1.0.1.5, < 3)
      faraday (~> 2.0)
      faraday-detailed_logger (~> 2.0)
      faraday-net_http_persistent (~> 2.0)
      net-http-persistent (>= 3.1, < 5)
      public_suffix (~> 4.0)
    email_validator (2.2.4)
      activemodel
    erb (5.0.2)
    erubi (1.13.1)
    et-orbi (1.2.11)
      tzinfo
    factory_bot (6.5.4)
      activesupport (>= 6.1.0)
    factory_bot_rails (6.5.0)
      factory_bot (~> 6.5)
      railties (>= 6.1.0)
    faker (3.5.2)
      i18n (>= 1.8.11, < 2)
    faraday (2.13.4)
      faraday-net_http (>= 2.0, < 3.5)
      json
      logger
    faraday-detailed_logger (2.6.1)
      faraday (>= 0.16, < 3)
    faraday-follow_redirects (0.3.0)
      faraday (>= 1, < 3)
    faraday-net_http (3.4.1)
      net-http (>= 0.5.0)
    faraday-net_http_persistent (2.3.1)
      faraday (~> 2.5)
      net-http-persistent (>= 4.0.4, < 5)
    ferrum (0.17.1)
      addressable (~> 2.5)
      base64 (~> 0.2)
      concurrent-ruby (~> 1.1)
      webrick (~> 1.7)
      websocket-driver (~> 0.7)
    ffi (1.17.2-arm64-darwin)
    ffi (1.17.2-x86_64-darwin)
    ffi (1.17.2-x86_64-linux-gnu)
    ffi-compiler (1.3.2)
      ffi (>= 1.15.5)
      rake
    flamegraph (0.9.5)
    forwardable (1.3.3)
    fugit (1.11.1)
      et-orbi (~> 1, >= 1.2.11)
      raabro (~> 1.4)
    fuubar (2.5.1)
      rspec-core (~> 3.0)
      ruby-progressbar (~> 1.4)
    get_process_mem (1.0.0)
      bigdecimal (>= 2.0)
      ffi (~> 1.0)
    globalid (1.2.1)
      activesupport (>= 6.1)
    hashdiff (1.1.2)
    hashie (4.1.0)
    heapy (0.2.0)
      thor
    hiredis (0.6.3)
    hiredis-client (0.25.2)
      redis-client (= 0.25.2)
    htmlentities (4.3.4)
    http (5.3.1)
      addressable (~> 2.8)
      http-cookie (~> 1.0)
      http-form_data (~> 2.2)
      llhttp-ffi (~> 0.5.0)
    http-cookie (1.0.8)
      domain_name (~> 0.5)
    http-form_data (2.3.0)
    httpclient (2.9.0)
      mutex_m
    i18n (1.14.7)
      concurrent-ruby (~> 1.0)
    io-console (0.8.1)
    irb (1.15.2)
      pp (>= 0.6.0)
      rdoc (>= 4.0.0)
      reline (>= 0.4.2)
    jbuilder (2.13.0)
      actionview (>= 5.0.0)
      activesupport (>= 5.0.0)
    jsbundling-rails (1.3.1)
      railties (>= 6.0.0)
    json (2.13.2)
    json-jwt (1.16.7)
      activesupport (>= 4.2)
      aes_key_wrap
      base64
      bindata
      faraday (~> 2.0)
      faraday-follow_redirects
    jwt (3.1.2)
      base64
    kaminari (1.2.2)
      activesupport (>= 4.1.0)
      kaminari-actionview (= 1.2.2)
      kaminari-activerecord (= 1.2.2)
      kaminari-core (= 1.2.2)
    kaminari-actionview (1.2.2)
      actionview
      kaminari-core (= 1.2.2)
    kaminari-activerecord (1.2.2)
      activerecord
      kaminari-core (= 1.2.2)
    kaminari-core (1.2.2)
    language_list (1.2.1)
    language_server-protocol (3.17.0.5)
    latex-decode (0.4.0)
    library_stdnums (1.6.0)
    lint_roller (1.1.0)
    llhttp-ffi (0.5.1)
      ffi-compiler (~> 1.0)
      rake (~> 13.0)
    logger (1.7.0)
    lograge (0.14.0)
      actionpack (>= 4)
      activesupport (>= 4)
      railties (>= 4)
      request_store (~> 1.0)
    loofah (2.24.1)
      crass (~> 1.0.2)
      nokogiri (>= 1.12.0)
    mail (2.8.1)
      mini_mime (>= 0.1.1)
      net-imap
      net-pop
      net-smtp
    marc (1.3.0)
      nokogiri (~> 1.0)
      rexml
    marc-fastxmlwriter (1.1.0)
      marc (~> 1.0)
    marcel (1.0.4)
    matrix (0.4.3)
    memory_profiler (1.1.0)
    method_source (1.1.0)
    mini_histogram (0.3.1)
    mini_mime (1.1.5)
    minitar (1.0.2)
    minitest (5.25.5)
    mock_redis (0.51.0)
      redis (~> 5)
    msgpack (1.8.0)
    multi_json (1.15.0)
    multi_xml (0.7.2)
      bigdecimal (~> 3.1)
    mutex_m (0.3.0)
    mysql2 (0.5.6)
    namae (1.2.0)
      racc (~> 1.7)
    net-http (0.6.0)
      uri
    net-http-persistent (4.0.6)
      connection_pool (~> 2.2, >= 2.2.4)
    net-imap (0.5.9)
      date
      net-protocol
    net-pop (0.1.2)
      net-protocol
    net-protocol (0.2.2)
      timeout
    net-smtp (0.5.1)
      net-protocol
    nio4r (2.7.4)
    nokogiri (1.18.9-arm64-darwin)
      racc (~> 1.4)
    nokogiri (1.18.9-x86_64-darwin)
      racc (~> 1.4)
    nokogiri (1.18.9-x86_64-linux-gnu)
      racc (~> 1.4)
    oauth2 (2.0.12)
      faraday (>= 0.17.3, < 4.0)
      jwt (>= 1.0, < 4.0)
      logger (~> 1.2)
      multi_xml (~> 0.5)
      rack (>= 1.2, < 4)
      snaky_hash (~> 2.0, >= 2.0.3)
      version_gem (>= 1.1.8, < 3)
    observer (0.1.2)
    omniauth (2.1.3)
      hashie (>= 3.4.6)
      rack (>= 2.2.3)
      rack-protection
    omniauth-keycloak (1.5.3)
      faraday
      json-jwt (> 1.13.0)
      omniauth (>= 2.0)
      omniauth-oauth2 (>= 1.7, < 1.9)
    omniauth-oauth2 (1.8.0)
      oauth2 (>= 1.4, < 3)
      omniauth (~> 2.0)
    omniauth-rails_csrf_protection (1.0.2)
      actionpack (>= 4.2)
      omniauth (~> 2.0)
    open-uri (0.5.0)
      stringio
      time
      uri
    openurl (1.0.0)
      marc
      scrub_rb (~> 1.0)
    orm_adapter (0.5.0)
    ostruct (0.6.3)
    parallel (1.27.0)
    parser (3.3.9.0)
      ast (~> 2.4.1)
      racc
    parslet (2.0.0)
    phonelib (0.10.11)
    pp (0.6.2)
      prettyprint
    prettyprint (0.2.0)
    prism (1.4.0)
    prometheus-client (4.2.5)
      base64
    psych (5.2.6)
      date
      stringio
    public_suffix (4.0.7)
    puma (6.6.1)
      nio4r (~> 2.0)
    raabro (1.4.0)
    racc (1.8.1)
    rack (3.2.0)
    rack-mini-profiler (4.0.1)
      rack (>= 1.2.0)
    rack-protection (4.1.1)
      base64 (>= 0.1.0)
      logger (>= 1.6.0)
      rack (>= 3.0.0, < 4)
    rack-session (2.1.1)
      base64 (>= 0.1.0)
      rack (>= 3.0.0)
    rack-test (2.2.0)
      rack (>= 1.3)
    rackup (2.2.1)
      rack (>= 3)
    rails (8.0.2.1)
      actioncable (= 8.0.2.1)
      actionmailbox (= 8.0.2.1)
      actionmailer (= 8.0.2.1)
      actionpack (= 8.0.2.1)
      actiontext (= 8.0.2.1)
      actionview (= 8.0.2.1)
      activejob (= 8.0.2.1)
      activemodel (= 8.0.2.1)
      activerecord (= 8.0.2.1)
      activestorage (= 8.0.2.1)
      activesupport (= 8.0.2.1)
      bundler (>= 1.15.0)
      railties (= 8.0.2.1)
    rails-controller-testing (1.0.5)
      actionpack (>= 5.0.1.rc1)
      actionview (>= 5.0.1.rc1)
      activesupport (>= 5.0.1.rc1)
    rails-dom-testing (2.3.0)
      activesupport (>= 5.0.0)
      minitest
      nokogiri (>= 1.6)
    rails-html-sanitizer (1.6.2)
      loofah (~> 2.21)
      nokogiri (>= 1.15.7, != 1.16.7, != 1.16.6, != 1.16.5, != 1.16.4, != 1.16.3, != 1.16.2, != 1.16.1, != 1.16.0.rc1, != 1.16.0)
    railties (8.0.2.1)
      actionpack (= 8.0.2.1)
      activesupport (= 8.0.2.1)
      irb (~> 1.13)
      rackup (>= 1.0.0)
      rake (>= 12.2)
      thor (~> 1.0, >= 1.2.2)
      zeitwerk (~> 2.6)
    rainbow (3.1.1)
    rake (13.3.0)
    rdoc (6.14.2)
      erb
      psych (>= 4.0.0)
    redis (5.4.1)
      redis-client (>= 0.22.0)
    redis-client (0.25.2)
      connection_pool
    regexp_parser (2.10.0)
    reline (0.6.2)
      io-console (~> 0.5)
    request_store (1.7.0)
      rack (>= 1.4)
    responders (3.1.1)
      actionpack (>= 5.2)
      railties (>= 5.2)
    retriable (3.1.2)
    rexml (3.4.1)
    rouge (4.5.2)
    rsolr (2.6.0)
      builder (>= 2.1.2)
      faraday (>= 0.9, < 3, != 2.0.0)
    rspec-core (3.13.5)
      rspec-support (~> 3.13.0)
    rspec-expectations (3.13.5)
      diff-lcs (>= 1.2.0, < 2.0)
      rspec-support (~> 3.13.0)
    rspec-mocks (3.13.5)
      diff-lcs (>= 1.2.0, < 2.0)
      rspec-support (~> 3.13.0)
    rspec-rails (8.0.1)
      actionpack (>= 7.2)
      activesupport (>= 7.2)
      railties (>= 7.2)
      rspec-core (~> 3.13)
      rspec-expectations (~> 3.13)
      rspec-mocks (~> 3.13)
      rspec-support (~> 3.13)
    rspec-support (3.13.4)
    rubocop (1.75.8)
      json (~> 2.3)
      language_server-protocol (~> 3.17.0.2)
      lint_roller (~> 1.1.0)
      parallel (~> 1.10)
      parser (>= 3.3.0.2)
      rainbow (>= 2.2.2, < 4.0)
      regexp_parser (>= 2.9.3, < 3.0)
      rubocop-ast (>= 1.44.0, < 2.0)
      ruby-progressbar (~> 1.7)
      unicode-display_width (>= 2.4.0, < 4.0)
    rubocop-ast (1.44.1)
      parser (>= 3.3.7.2)
      prism (~> 1.4)
    rubocop-capybara (2.22.1)
      lint_roller (~> 1.1)
      rubocop (~> 1.72, >= 1.72.1)
    rubocop-factory_bot (2.27.1)
      lint_roller (~> 1.1)
      rubocop (~> 1.72, >= 1.72.1)
    rubocop-performance (1.25.0)
      lint_roller (~> 1.1)
      rubocop (>= 1.75.0, < 2.0)
      rubocop-ast (>= 1.38.0, < 2.0)
    rubocop-rails (2.32.0)
      activesupport (>= 4.2.0)
      lint_roller (~> 1.1)
      rack (>= 1.1)
      rubocop (>= 1.75.0, < 2.0)
      rubocop-ast (>= 1.44.0, < 2.0)
    rubocop-rspec (3.6.0)
      lint_roller (~> 1.1)
      rubocop (~> 1.72, >= 1.72.1)
    ruby-next-core (1.1.2)
    ruby-progressbar (1.13.0)
    ruby-statistics (4.1.0)
    ruby2_keywords (0.0.5)
    rubyzip (3.0.1)
    rufus-scheduler (3.9.2)
      fugit (~> 1.1, >= 1.11.1)
    scrub_rb (1.0.1)
    securerandom (0.4.1)
    selenium-webdriver (4.35.0)
      base64 (~> 0.2)
      logger (~> 1.4)
      rexml (~> 3.2, >= 3.2.5)
      rubyzip (>= 1.2.2, < 4.0)
      websocket (~> 1.0)
    set (1.1.2)
    shoulda-matchers (6.5.0)
      activesupport (>= 5.2.0)
    simplecov (0.22.0)
      docile (~> 1.1)
      simplecov-html (~> 0.11)
      simplecov_json_formatter (~> 0.1)
    simplecov-html (0.13.2)
    simplecov-json (0.2.3)
      json
      simplecov
    simplecov_json_formatter (0.1.4)
    singleton (0.3.0)
    slop (4.10.1)
    snaky_hash (2.0.3)
      hashie (>= 0.1.0, < 6)
      version_gem (>= 1.1.8, < 3)
    solr_wrapper (4.1.3)
      faraday (>= 1.0, < 3)
      faraday-follow_redirects
      minitar
      ostruct
      retriable
      ruby-progressbar
    sprockets (4.2.2)
      concurrent-ruby (~> 1.0)
      logger
      rack (>= 2.2.4, < 4)
    sprockets-rails (3.5.2)
      actionpack (>= 6.1)
      activesupport (>= 6.1)
      sprockets (>= 3.0.0)
    stackprof (0.2.27)
    standard (1.50.0)
      language_server-protocol (~> 3.17.0.2)
      lint_roller (~> 1.0)
      rubocop (~> 1.75.5)
      standard-custom (~> 1.0.0)
      standard-performance (~> 1.8)
    standard-custom (1.0.2)
      lint_roller (~> 1.0)
      rubocop (~> 1.50)
    standard-performance (1.8.0)
      lint_roller (~> 1.1)
      rubocop-performance (~> 1.25.0)
    stimulus-rails (1.3.4)
      railties (>= 6.0.0)
    stringio (3.1.7)
    strong_migrations (2.3.0)
      activerecord (>= 7)
    summon (2.0.5)
      json
    thor (1.4.0)
    time (0.4.1)
      date
    timeout (0.4.3)
    traject (3.8.3)
      concurrent-ruby (>= 0.8.0)
      csv
      dot-properties (>= 0.1.1)
      hashie (>= 3.1, < 6)
      http (>= 3.0, < 6)
      httpclient (~> 2.5)
      marc (~> 1.0)
      marc-fastxmlwriter (~> 1.0)
      mutex_m
      nokogiri (~> 1.9)
      slop (~> 4.0)
      yell
    turbo-rails (2.0.16)
      actionpack (>= 7.1.0)
      railties (>= 7.1.0)
    tzinfo (2.0.6)
      concurrent-ruby (~> 1.0)
    unicode-display_width (3.1.4)
      unicode-emoji (~> 4.0, >= 4.0.4)
    unicode-emoji (4.0.4)
    uri (1.0.3)
    useragent (0.16.11)
    version_gem (1.1.8)
    view_component (3.23.2)
      activesupport (>= 5.2.0, < 8.1)
      concurrent-ruby (~> 1)
      method_source (~> 1.0)
    warden (1.2.9)
      rack (>= 2.0.9)
    web-console (4.2.1)
      actionview (>= 6.0.0)
      activemodel (>= 6.0.0)
      bindex (>= 0.4.0)
      railties (>= 6.0.0)
    webmock (3.25.1)
      addressable (>= 2.8.0)
      crack (>= 0.3.2)
      hashdiff (>= 0.4.0, < 2.0.0)
    webrick (1.9.1)
    websocket (1.2.11)
    websocket-driver (0.8.0)
      base64
      websocket-extensions (>= 0.1.0)
    websocket-extensions (0.1.5)
    xpath (3.2.0)
      nokogiri (~> 1.8)
    yabeda (0.13.1)
      anyway_config (>= 1.0, < 3)
      concurrent-ruby
      dry-initializer
    yabeda-prometheus (0.9.1)
      prometheus-client (>= 3.0, < 5.0)
      rack
      yabeda (~> 0.10)
    yabeda-puma-plugin (0.7.1)
      json
      puma
      yabeda (~> 0.5)
    yabeda-rails (0.9.0)
      activesupport
      anyway_config (>= 1.3, < 3)
      railties
      yabeda (~> 0.8)
    yell (2.2.2)
    zeitwerk (2.7.3)
    zk (1.10.0)
      zookeeper (~> 1.5.0)
    zookeeper (1.5.5)

PLATFORMS
  arm64-darwin-21
  arm64-darwin-22
  arm64-darwin-23
  arm64-darwin-24
  x86_64-darwin-20
  x86_64-darwin-21
  x86_64-darwin-22
  x86_64-linux

DEPENDENCIES
  activerecord-session_store (~> 2.0)
  awesome_print
  bento_search!
  better_errors
  binding_of_caller
  blacklight (>= 8.0.0, < 9)
  blacklight-marc (~> 8.2)
  blacklight_advanced_search (= 8.0.0.alpha2)
  blacklight_range_limit (~> 9.1)
  bootsnap
  brakeman
  bundler-audit
  capybara
  cssbundling-rails
  cuprite
  debug
  derailed_benchmarks
  dotenv
  ebsco-eds (~> 1.1)
  email_validator (~> 2.2)
  factory_bot_rails
  faker
  flamegraph
  fuubar
  hiredis (~> 0.6.3)
  hiredis-client (~> 0.25.2)
  jbuilder
  jsbundling-rails
  lograge
  memory_profiler
  mock_redis (~> 0.51.0)
  mysql2 (~> 0.5)
  nla-blacklight_common!
  phonelib (~> 0.10.5)
  puma (~> 6.6)
  rack-mini-profiler
  rails (~> 8)
  rails-controller-testing (~> 1.0, >= 1.0.5)
  redis (~> 5.4)
  rspec-rails (~> 8.0)
  rubocop-capybara
  rubocop-factory_bot
  rubocop-performance
  rubocop-rails
  rubocop-rspec
  rufus-scheduler (~> 3.9)
  selenium-webdriver (~> 4.35)
  shoulda-matchers
  simplecov (~> 0.22.0)
  simplecov-json (~> 0.2.3)
  solr_wrapper (>= 0.3)
  sprockets-rails
  stackprof
  standard
  stimulus-rails
  strong_migrations (~> 2.2)
  turbo-rails
  tzinfo-data
  web-console
  webmock
  yabeda-prometheus
  yabeda-puma-plugin
  yabeda-rails

RUBY VERSION
   ruby 3.3.2p78

BUNDLED WITH
   2.5.13
